PATH
  remote: .
  specs:
    easy_image (0.5.4)
      fastimage (~> 2.1)
      mini_magick (~> 4.8)
      ruby-vips (~> 2.0)

GEM
  specs:
    fastimage (2.1.3)
    ffi (1.9.25)
    mini_magick (4.8.0)
    ruby-vips (2.0.12)
      ffi (~> 1.9)

PLATFORMS
  ruby

DEPENDENCIES
  easy_image!

BUNDLED WITH
   1.16.1
